GEM
  remote: http://rubygems.org/
  specs:
    bouncy-castle-java (1.5.0146.1)
    jruby-openssl (0.7.4)
      bouncy-castle-java

PLATFORMS
  java

DEPENDENCIES
  bundler
  jruby-openssl (= 0.7.4)
